GIT
  remote: git://github.com/netDalek/json-rpc-objects.git
  revision: 87b3aae6fe1c1f3c756bc92f68307203bda4b4d6
  specs:
    json-rpc-objects (0.4.3)
      abstract (>= 1.0.0)
      addressable (>= 2.2.2)
      json-rpc-objects-json (>= 0.1.1)

PATH
  remote: .
  specs:
    ferryman (0.0.1)
      activesupport
      json-rpc-objects
      redis (>= 4.0)

GEM
  remote: https://rubygems.org/
  specs:
    abstract (1.0.0)
    activesupport (6.1.4.6)
      concurrent-ruby (~> 1.0, >= 1.0.2)
      i18n (>= 1.6, < 2)
      minitest (>= 5.1)
      tzinfo (~> 2.0)
      zeitwerk (~> 2.3)
    addressable (2.8.0)
      public_suffix (>= 2.0.2, < 5.0)
    coderay (1.1.3)
    concurrent-ruby (1.1.9)
    diff-lcs (1.5.0)
    hashie (5.0.0)
    i18n (1.10.0)
      concurrent-ruby (~> 1.0)
    json-rpc-objects-json (0.1.1)
      multi_json
    method_source (1.0.0)
    minitest (5.15.0)
    multi_json (1.15.0)
    pry (0.14.1)
      coderay (~> 1.1)
      method_source (~> 1.0)
    public_suffix (4.0.6)
    rake (13.0.6)
    redis (4.6.0)
    rspec (3.11.0)
      rspec-core (~> 3.11.0)
      rspec-expectations (~> 3.11.0)
      rspec-mocks (~> 3.11.0)
    rspec-core (3.11.0)
      rspec-support (~> 3.11.0)
    rspec-expectations (3.11.0)
      diff-lcs (>= 1.2.0, < 2.0)
      rspec-support (~> 3.11.0)
    rspec-mocks (3.11.0)
      diff-lcs (>= 1.2.0, < 2.0)
      rspec-support (~> 3.11.0)
    rspec-support (3.11.0)
    tzinfo (2.0.4)
      concurrent-ruby (~> 1.0)
    zeitwerk (2.5.4)

PLATFORMS
  ruby

DEPENDENCIES
  bundler (~> 1.3)
  ferryman!
  hashie
  json-rpc-objects!
  pry
  rake
  rspec

BUNDLED WITH
   1.16.6
